GEM
  remote: https://rubygems.org/
  specs:
    faraday (2.12.1)
      faraday-net_http (>= 2.0, < 3.5)
      json
      logger
    faraday-net_http (3.4.0)
      net-http (>= 0.5.0)
    json (2.8.2)
    logger (1.6.1)
    net-http (0.5.0)
      uri
    uri (1.0.2)

PLATFORMS
  arm64-darwin-24
  ruby

DEPENDENCIES
  faraday

BUNDLED WITH
   2.5.23
